{
	"TaskName": "imagery",
	"Manufacturer": "ANT Neuro",
	"PowerLineFrequency": 60.0,
	"SamplingFrequency": 512.0,
	"SoftwareFilters": "n/a",
	"RecordingDuration": 285.998046875,
	"RecordingType": "continuous",
	"EEGReference": "CPz",
	"EEGGround": "AFz",
	"EEGPlacementScheme": "10-20 system",
	"EEGChannelCount": 22,
	"EOGChannelCount": 0,
	"ECGChannelCount": 0,
	"EMGChannelCount": 0,
	"TriggerChannelCount": 0,
	"ManufacturersModelName": "ANT Neuro eego mylab",
	"CapManufacturer": "ANT Neuro",
	"CapManufacturersModelName": "waveguard EEG cap",
	"SoftwareVersions": "n/a",
	"HardwareFilters": "n/a",
	"TaskDescription": "Longitudinal BCI training with inter-subject transfer learning. Subjects performed left/right hand MI with bar-feedback and car racing tasks across 6 sessions on separate days. Two groups: Generic Recentering (GR, N=9) and Personally Assisted Recentering (PAR, N=9). Trial duration: 5.0s, cue: 1.5s, imagery: 5.0s.",
	"Instructions": "Subjects were instructed to mentally rehearse the kinesthetics, not the visualization, of left- or right-hand movements without overtly causing any muscle contraction.",
	"CogAtlasID": "https://www.cognitiveatlas.org/task/id/trm_4c8a834779883/",
	"InstitutionName": "The University of Texas at Austin",
	"InstitutionAddress": "Austin, TX, USA",
	"InstitutionalDepartmentName": "n/a",
	"SubjectArtefactDescription": "n/a",
	"DeviceSerialNumber": "n/a",
	"Description": "Multi-session longitudinal MI training dataset with 18 BCI-naive subjects over 6 sessions. Demonstrates that inter-subject transfer learning from a single expert promotes acquisition of individual BCI skills via unsupervised domain adaptation.",
	"MISCChannelCount": 0
}